PATH
  remote: .
  specs:
    acts_as_param (1.0.0)

GEM
  remote: http://rubygems.org/
  specs:

PLATFORMS
  ruby

DEPENDENCIES
  acts_as_param!
